GEM
  remote: https://rubygems.org/
  specs:
    chipmunk (6.1.3.4)
    coderay (1.1.1)
    gosu (0.10.8)
    method_source (0.8.2)
    pry (0.10.4)
      coderay (~> 1.1.0)
      method_source (~> 0.8.1)
      slop (~> 3.4)
    pry-nav (0.2.4)
      pry (>= 0.9.10, < 0.11.0)
    slop (3.6.0)

PLATFORMS
  ruby

DEPENDENCIES
  chipmunk
  gosu
  pry
  pry-nav

RUBY VERSION
   ruby 2.3.3p222

BUNDLED WITH
   1.13.6
